GEM
  remote: http://rubygems.org/
  specs:
    active_support (3.0.0)
      activesupport (= 3.0.0)
    activesupport (3.0.0)
    addressable (2.3.4)
    bigdecimal (1.1.0)
    builder (3.2.2)
    bundle (0.0.1)
      bundler
    capybara (1.1.4)
      mime-types (>= 1.16)
      nokogiri (>= 1.3.3)
      rack (>= 1.0.0)
      rack-test (>= 0.5.4)
      selenium-webdriver (~> 2.0)
      xpath (~> 0.1.4)
    childprocess (0.3.9)
      ffi (~> 1.0, >= 1.0.11)
    cucumber (1.2.5)
      builder (>= 2.1.2)
      diff-lcs (>= 1.1.3)
      gherkin (~> 2.11.7)
      multi_json (~> 1.3)
    diff-lcs (1.1.3)
    ffi (1.9.0)
    gherkin (2.11.8)
      multi_json (~> 1.3)
    git (1.2.5)
    i18n (0.6.4)
    io-console (0.4.2)
    jeweler (1.8.4)
      bundler (~> 1.0)
      git (>= 1.2.5)
      rake
      rdoc
    json (1.8.0)
    logger (1.2.8)
    mime-types (1.23)
    mini_portile (0.5.0)
    minitest (5.0.4)
    multi_json (1.7.7)
    nokogiri (1.6.0)
      mini_portile (~> 0.5.0)
    rack (1.5.2)
    rack-test (0.6.2)
      rack (>= 1.0)
    rake (0.9.2.2)
    rdoc (4.0.1)
      json (~> 1.4)
    roo (1.11.2)
      nokogiri
      rubyzip
      spreadsheet (> 0.6.4)
    rspec (2.6.0)
      rspec-core (~> 2.6.0)
      rspec-expectations (~> 2.6.0)
      rspec-mocks (~> 2.6.0)
    rspec-core (2.6.4)
    rspec-expectations (2.6.0)
      diff-lcs (~> 1.1.2)
    rspec-mocks (2.6.0)
    ruby-ole (1.2.11.6)
    rubyzip (0.9.9)
    selenium-client (1.2.18)
    selenium-webdriver (2.33.0)
      childprocess (>= 0.2.5)
      multi_json (~> 1.0)
      rubyzip
      websocket (~> 1.0.4)
    show_me_the_cookies (1.1.4)
      capybara (~> 1.0)
    spreadsheet (0.8.5)
      ruby-ole (>= 1.0)
    syntax (1.0.0)
    test-unit (2.5.5)
    viewcumber (0.3.1)
      capybara (>= 0.3)
      cucumber (>= 1.1.4)
      jeweler
      viewcumber
    websocket (1.0.7)
    writeexcel (0.6.19)
    xpath (0.1.4)
      nokogiri (~> 1.3)
    yard (0.8.6.1)
    yard-cucumber (2.1.7)
      cucumber (>= 0.7.5)
      gherkin (>= 2.2.9)
      yard (>= 0.7.0)
    yml_reader (0.2)

PLATFORMS
  ruby

DEPENDENCIES
  active_support (~> 3.0.0)
  addressable (~> 2.3.2)
  bigdecimal (~> 1.1.0)
  builder
  bundle (~> 0.0.1)
  bundler
  capybara (~> 1.1.2)
  cucumber (~> 1.2.1)
  diff-lcs (~> 1.1.2)
  i18n (~> 0.6.4)
  io-console (~> 0.3)
  jeweler (~> 1.8.4)
  logger
  minitest
  rake (~> 0.9.2.2)
  roo
  rspec (~> 2.6.0)
  selenium-client (~> 1.2.18)
  selenium-webdriver (~> 2.33.0)
  show_me_the_cookies
  spreadsheet
  syntax (~> 1.0.0)
  test-unit (~> 2.5.3)
  viewcumber (~> 0.3.1)
  writeexcel (~> 0.6.19)
  yard (~> 0.8.1)
  yard-cucumber (~> 2.1.7)
  yml_reader (~> 0.2)
